RESTRICTION: >= net40
NUGET
  remote: https://www.nuget.org/api/v2
    DotLiquid (2.1.400)
    FAKE (4.39)
    FSharp.Compiler.Service (27.0.1)
      FSharp.Core (>= 4.5.2) - restriction: || (&& (>= net40) (>= netstandard2.0)) (>= net45)
      System.Collections.Immutable (>= 1.5) - restriction: || (&& (>= net40) (>= netstandard2.0)) (>= net45)
      System.Reflection.Metadata (>= 1.6) - restriction: || (&& (>= net40) (>= netstandard2.0)) (>= net45)
      System.ValueTuple (>= 4.4) - restriction: >= net45
    FSharp.Compiler.Tools (10.2.3)
    FSharp.Core (5.0.1)
    FSharp.Formatting (3.1)
      FSharp.Compiler.Service (>= 27.0.1 < 28.0)
      Microsoft.AspNet.Razor (>= 3.2.7 < 4.0)
      System.ValueTuple (>= 4.5 < 5.0)
    Microsoft.AspNet.Razor (3.2.7)
    Microsoft.Azure.KeyVault.Core (3.0.5)
      Microsoft.Rest.ClientRuntime (>= 2.3.20 < 3.0) - restriction: || (&& (>= net40) (< net452) (>= netstandard1.4) (< netstandard2.0)) (&& (>= net40) (< net452) (>= netstandard2.0)) (&& (>= net452) (< netstandard1.4)) (>= net461)
      Microsoft.Rest.ClientRuntime.Azure (>= 3.3.18 < 4.0) - restriction: || (&& (>= net40) (< net452) (>= netstandard1.4) (< netstandard2.0)) (&& (>= net40) (< net452) (>= netstandard2.0)) (&& (>= net452) (< netstandard1.4)) (>= net461)
      Newtonsoft.Json (>= 10.0.3) - restriction: || (&& (>= net40) (< net452) (>= netstandard1.4) (< netstandard2.0)) (&& (>= net40) (< net452) (>= netstandard2.0)) (&& (>= net452) (< netstandard1.4)) (>= net461)
    Microsoft.Data.Edm (5.8.4)
    Microsoft.Data.OData (5.8.4)
      Microsoft.Data.Edm (5.8.4)
      System.Spatial (5.8.4)
    Microsoft.Data.Services.Client (5.8.4)
      Microsoft.Data.OData (5.8.4)
    Microsoft.NETCore.Platforms (5.0.1) - restriction: || (&& (>= net40) (< net45) (< netstandard1.2) (>= netstandard2.0)) (&& (>= net40) (< net45) (< netstandard1.3) (>= netstandard2.0)) (&& (>= net40) (>= netcoreapp2.0) (< netstandard1.3)) (&& (>= net40) (< netstandard1.0) (>= netstandard2.0)) (&& (>= net40) (< netstandard1.3) (>= netstandard2.0) (>= uap10.0)) (&& (>= net40) (< netstandard1.3) (>= netstandard2.0) (>= wpa81)) (&& (>= net40) (>= netstandard2.0) (< portable-net45+win8+wpa81)) (&& (>= net40) (>= netstandard2.0) (>= wp8)) (&& (< net45) (>= net46) (< netstandard1.2)) (&& (< net45) (>= net46) (>= netstandard1.4) (< netstandard1.5)) (&& (< net45) (>= net46) (>= netstandard1.5) (< netstandard1.6)) (&& (< net45) (>= net46) (>= netstandard1.6) (< netstandard2.0)) (&& (< net45) (>= net461) (< netstandard1.3) (>= netstandard2.0)) (&& (>= net46) (>= netcoreapp2.0) (< netstandard2.0)) (&& (>= net46) (< netstandard1.0)) (&& (>= net46) (< netstandard1.3)) (&& (>= net46) (< netstandard1.4)) (&& (>= net46) (< portable-net45+win8+wpa81)) (&& (>= net46) (>= uap10.0)) (&& (>= net46) (>= wp8))
    Microsoft.Rest.ClientRuntime (2.3.22) - restriction: || (&& (>= net40) (< net452) (>= netstandard1.4) (< netstandard2.0)) (&& (>= net40) (< net452) (>= netstandard2.0)) (&& (>= net452) (< netstandard1.4)) (>= net461)
      Newtonsoft.Json (>= 6.0.8) - restriction: && (>= net452) (< netstandard1.4)
      Newtonsoft.Json (>= 10.0.3) - restriction: || (&& (>= net40) (< net452) (>= netstandard1.4) (< netstandard2.0)) (&& (>= net40) (< net452) (>= netstandard2.0)) (>= net461)
    Microsoft.Rest.ClientRuntime.Azure (3.3.19) - restriction: || (&& (>= net40) (< net452) (>= netstandard1.4) (< netstandard2.0)) (&& (>= net40) (< net452) (>= netstandard2.0)) (&& (>= net452) (< netstandard1.4)) (>= net461)
      Microsoft.Rest.ClientRuntime (>= 2.3.19 < 3.0) - restriction: || (&& (>= net40) (< net452) (>= netstandard1.4) (< netstandard2.0)) (&& (>= net40) (< net452) (>= netstandard2.0)) (&& (>= net452) (< netstandard1.4)) (>= net461)
      Newtonsoft.Json (>= 6.0.8) - restriction: && (>= net452) (< netstandard1.4)
      Newtonsoft.Json (>= 10.0.3) - restriction: || (&& (>= net40) (< net452) (>= netstandard1.4) (< netstandard2.0)) (&& (>= net40) (< net452) (>= netstandard2.0)) (>= net461)
    Microsoft.Win32.Primitives (4.3) - restriction: || (&& (>= net40) (< net45) (< netstandard1.3) (>= netstandard2.0)) (&& (>= net40) (< netstandard1.3) (>= netstandard2.0) (>= uap10.0)) (&& (< net45) (>= net46) (< netstandard1.3) (>= netstandard2.0)) (&& (< net45) (>= net46) (>= netstandard1.4) (< netstandard1.5)) (&& (< net45) (>= net46) (>= netstandard1.5) (< netstandard1.6)) (&& (< net45) (>= net46) (>= netstandard1.6) (< netstandard2.0)) (&& (>= net46) (< netstandard1.4)) (&& (>= net46) (>= uap10.0))
    NETStandard.Library (2.0.3) - restriction: || (&& (>= net40) (< net45) (< netstandard1.3) (>= netstandard2.0)) (&& (>= net46) (< net461) (< netstandard2.0))
      Microsoft.NETCore.Platforms (>= 1.1) - restriction: || (&& (>= net40) (< net45) (>= netstandard1.1) (< netstandard1.2)) (&& (>= net40) (< net45) (>= netstandard1.2) (< netstandard1.3)) (&& (>= net40) (< net45) (>= netstandard1.3) (< netstandard1.4)) (&& (>= net40) (< net45) (>= netstandard1.4) (< netstandard1.5)) (&& (>= net40) (< net45) (>= netstandard1.5) (< netstandard1.6)) (&& (>= net40) (< net45) (>= netstandard1.6) (< netstandard2.0)) (&& (>= net40) (< net45) (>= netstandard2.0)) (&& (>= net40) (>= netcoreapp2.0)) (&& (>= net40) (>= netstandard1.0) (< portable-net45+win8+wpa81)) (&& (>= net40) (< netstandard1.0) (>= portable-net45+win8)) (&& (>= net40) (< netstandard1.0) (< portable-net45+win8) (>= portable-net45+win8+wpa81)) (&& (>= net40) (< netstandard1.0) (>= portable-net45+win8+wp8+wpa81) (< portable-net45+win8+wpa81)) (&& (>= net40) (< netstandard1.0) (>= win8)) (&& (>= net40) (< netstandard1.3) (>= wpa81)) (&& (>= net40) (>= uap10.0)) (&& (>= net40) (>= wp8)) (&& (>= net45) (< netstandard1.3)) (&& (>= net46) (< netstandard1.4)) (>= net461)
      Microsoft.Win32.Primitives (>= 4.3) - restriction: || (&& (>= net40) (< net45) (>= netstandard1.3) (< netstandard1.4)) (&& (>= net40) (< net45) (>= netstandard1.4) (< netstandard1.5)) (&& (>= net40) (< net45) (>= netstandard1.5) (< netstandard1.6)) (&& (>= net40) (< net45) (>= netstandard1.6) (< netstandard2.0)) (&& (>= net40) (>= uap10.0)) (&& (>= net46) (< netstandard1.4))
      System.AppContext (>= 4.3) - restriction: || (&& (>= net40) (< net45) (>= netstandard1.3) (< netstandard1.4)) (&& (>= net40) (< net45) (>= netstandard1.4) (< netstandard1.5)) (&& (>= net40) (< net45) (>= netstandard1.5) (< netstandard1.6)) (&& (>= net40) (< net45) (>= netstandard1.6) (< netstandard2.0)) (&& (>= net40) (>= uap10.0)) (&& (>= net46) (< netstandard1.4))
      System.Console (>= 4.3) - restriction: || (&& (>= net40) (< net45) (>= netstandard1.3) (< netstandard1.4)) (&& (>= net40) (< net45) (>= netstandard1.4) (< netstandard1.5)) (&& (>= net40) (< net45) (>= netstandard1.5) (< netstandard1.6)) (&& (>= net40) (< net45) (>= netstandard1.6) (< netstandard2.0)) (&& (>= net40) (>= uap10.0)) (&& (>= net46) (< netstandard1.4))
      System.Globalization.Calendars (>= 4.3) - restriction: || (&& (>= net40) (< net45) (>= netstandard1.3) (< netstandard1.4)) (&& (>= net40) (< net45) (>= netstandard1.4) (< netstandard1.5)) (&& (>= net40) (< net45) (>= netstandard1.5) (< netstandard1.6)) (&& (>= net40) (< net45) (>= netstandard1.6) (< netstandard2.0)) (&& (>= net40) (>= uap10.0)) (&& (>= net46) (< netstandard1.4))
      System.IO.Compression (>= 4.3) - restriction: || (&& (>= net40) (< net45) (>= netstandard1.1) (< netstandard1.2)) (&& (>= net40) (< net45) (>= netstandard1.2) (< netstandard1.3)) (&& (>= net40) (< net45) (>= netstandard1.3) (< netstandard1.4)) (&& (>= net40) (< net45) (>= netstandard1.4) (< netstandard1.5)) (&& (>= net40) (< net45) (>= netstandard1.5) (< netstandard1.6)) (&& (>= net40) (< net45) (>= netstandard1.6) (< netstandard2.0)) (&& (>= net40) (>= uap10.0)) (&& (>= net46) (< netstandard1.4))
      System.IO.Compression.ZipFile (>= 4.3) - restriction: || (&& (>= net40) (< net45) (>= netstandard1.3) (< netstandard1.4)) (&& (>= net40) (< net45) (>= netstandard1.4) (< netstandard1.5)) (&& (>= net40) (< net45) (>= netstandard1.5) (< netstandard1.6)) (&& (>= net40) (< net45) (>= netstandard1.6) (< netstandard2.0)) (&& (>= net40) (>= uap10.0)) (&& (>= net46) (< netstandard1.4))
      System.IO.FileSystem (>= 4.3) - restriction: || (&& (>= net40) (< net45) (>= netstandard1.3) (< netstandard1.4)) (&& (>= net40) (< net45) (>= netstandard1.4) (< netstandard1.5)) (&& (>= net40) (< net45) (>= netstandard1.5) (< netstandard1.6)) (&& (>= net40) (< net45) (>= netstandard1.6) (< netstandard2.0)) (&& (>= net40) (>= uap10.0)) (&& (>= net46) (< netstandard1.4))
      System.IO.FileSystem.Primitives (>= 4.3) - restriction: || (&& (>= net40) (< net45) (>= netstandard1.3) (< netstandard1.4)) (&& (>= net40) (< net45) (>= netstandard1.4) (< netstandard1.5)) (&& (>= net40) (< net45) (>= netstandard1.5) (< netstandard1.6)) (&& (>= net40) (< net45) (>= netstandard1.6) (< netstandard2.0)) (&& (>= net40) (>= uap10.0)) (&& (>= net46) (< netstandard1.4))
      System.Net.Http (>= 4.3.2) - restriction: || (&& (>= net40) (< net45) (>= netstandard1.1) (< netstandard1.2)) (&& (>= net40) (< net45) (>= netstandard1.2) (< netstandard1.3)) (&& (>= net40) (< net45) (>= netstandard1.3) (< netstandard1.4)) (&& (>= net40) (< net45) (>= netstandard1.4) (< netstandard1.5)) (&& (>= net40) (< net45) (>= netstandard1.5) (< netstandard1.6)) (&& (>= net40) (< net45) (>= netstandard1.6) (< netstandard2.0)) (&& (>= net40) (>= uap10.0)) (&& (>= net46) (< netstandard1.4))
      System.Net.Sockets (>= 4.3) - restriction: || (&& (>= net40) (< net45) (>= netstandard1.3) (< netstandard1.4)) (&& (>= net40) (< net45) (>= netstandard1.4) (< netstandard1.5)) (&& (>= net40) (< net45) (>= netstandard1.5) (< netstandard1.6)) (&& (>= net40) (< net45) (>= netstandard1.6) (< netstandard2.0)) (&& (>= net40) (>= uap10.0)) (&& (>= net46) (< netstandard1.4))
      System.Runtime.InteropServices.RuntimeInformation (>= 4.3) - restriction: || (&& (>= net40) (< net45) (>= netstandard1.1) (< netstandard1.2)) (&& (>= net40) (< net45) (>= netstandard1.2) (< netstandard1.3)) (&& (>= net40) (< net45) (>= netstandard1.3) (< netstandard1.4)) (&& (>= net40) (< net45) (>= netstandard1.4) (< netstandard1.5)) (&& (>= net40) (< net45) (>= netstandard1.5) (< netstandard1.6)) (&& (>= net40) (< net45) (>= netstandard1.6) (< netstandard2.0)) (&& (>= net40) (< netstandard1.0) (>= portable-net45+win8)) (&& (>= net40) (< netstandard1.0) (< portable-net45+win8) (>= portable-net45+win8+wpa81)) (&& (>= net40) (< netstandard1.0) (>= win8)) (&& (>= net40) (< netstandard1.3) (>= wpa81)) (&& (>= net40) (>= uap10.0)) (&& (>= net45) (< netstandard1.3)) (&& (>= net46) (< netstandard1.4))
      System.Security.Cryptography.Algorithms (>= 4.3) - restriction: || (&& (>= net40) (< net45) (>= netstandard1.3) (< netstandard1.4)) (&& (>= net40) (< net45) (>= netstandard1.4) (< netstandard1.5)) (&& (>= net40) (< net45) (>= netstandard1.5) (< netstandard1.6)) (&& (>= net40) (< net45) (>= netstandard1.6) (< netstandard2.0)) (&& (>= net40) (>= uap10.0)) (&& (>= net46) (< netstandard1.4))
      System.Security.Cryptography.Encoding (>= 4.3) - restriction: || (&& (>= net40) (< net45) (>= netstandard1.3) (< netstandard1.4)) (&& (>= net40) (< net45) (>= netstandard1.4) (< netstandard1.5)) (&& (>= net40) (< net45) (>= netstandard1.5) (< netstandard1.6)) (&& (>= net40) (< net45) (>= netstandard1.6) (< netstandard2.0)) (&& (>= net40) (>= uap10.0)) (&& (>= net46) (< netstandard1.4))
      System.Security.Cryptography.Primitives (>= 4.3) - restriction: || (&& (>= net40) (< net45) (>= netstandard1.3) (< netstandard1.4)) (&& (>= net40) (< net45) (>= netstandard1.4) (< netstandard1.5)) (&& (>= net40) (< net45) (>= netstandard1.5) (< netstandard1.6)) (&& (>= net40) (< net45) (>= netstandard1.6) (< netstandard2.0)) (&& (>= net40) (>= uap10.0)) (&& (>= net46) (< netstandard1.4))
      System.Security.Cryptography.X509Certificates (>= 4.3) - restriction: || (&& (>= net40) (< net45) (>= netstandard1.3) (< netstandard1.4)) (&& (>= net40) (< net45) (>= netstandard1.4) (< netstandard1.5)) (&& (>= net40) (< net45) (>= netstandard1.5) (< netstandard1.6)) (&& (>= net40) (< net45) (>= netstandard1.6) (< netstandard2.0)) (&& (>= net40) (>= uap10.0)) (&& (>= net46) (< netstandard1.4))
      System.Xml.ReaderWriter (>= 4.3) - restriction: || (&& (>= net40) (< net45) (>= netstandard1.1) (< netstandard1.2)) (&& (>= net40) (< net45) (>= netstandard1.2) (< netstandard1.3)) (&& (>= net40) (< net45) (>= netstandard1.3) (< netstandard1.4)) (&& (>= net40) (< net45) (>= netstandard1.4) (< netstandard1.5)) (&& (>= net40) (< net45) (>= netstandard1.5) (< netstandard1.6)) (&& (>= net40) (< net45) (>= netstandard1.6) (< netstandard2.0)) (&& (>= net40) (>= netstandard1.0) (< portable-net45+win8+wpa81)) (&& (>= net40) (>= uap10.0)) (&& (>= net46) (< netstandard1.4))
    Newtonsoft.Json (12.0.3)
    Suave (1.1.3)
      FSharp.Core (>= 3.1.2.5)
    System.AppContext (4.3) - restriction: || (&& (>= net40) (< net45) (< netstandard1.3) (>= netstandard2.0)) (&& (>= net40) (< netstandard1.3) (>= netstandard2.0) (>= uap10.0)) (&& (< net45) (>= net46) (< netstandard1.3) (>= netstandard2.0)) (&& (< net45) (>= net46) (>= netstandard1.4) (< netstandard1.5)) (&& (< net45) (>= net46) (>= netstandard1.5) (< netstandard1.6)) (&& (< net45) (>= net46) (>= netstandard1.6) (< netstandard2.0)) (&& (>= net46) (< netstandard1.4)) (&& (>= net46) (>= uap10.0))
    System.Buffers (4.5.1) - restriction: || (&& (>= monoandroid) (>= net40) (>= netstandard2.0)) (&& (>= monoandroid) (>= net46)) (&& (>= monotouch) (>= net40) (>= netstandard2.0)) (&& (>= monotouch) (>= net46)) (&& (>= net40) (< net45) (>= netstandard2.0)) (&& (>= net40) (< netstandard1.1) (>= netstandard2.0)) (&& (>= net40) (>= netstandard2.0) (>= wpa81)) (&& (>= net40) (>= netstandard2.0) (>= xamarinios)) (&& (>= net40) (>= netstandard2.0) (>= xamarinmac)) (&& (>= net40) (>= netstandard2.0) (>= xamarintvos)) (&& (>= net40) (>= netstandard2.0) (>= xamarinwatchos)) (&& (>= net46) (< netstandard1.1)) (&& (>= net46) (< netstandard2.0)) (&& (>= net46) (>= wpa81)) (&& (>= net46) (>= xamarinios)) (&& (>= net46) (>= xamarinmac)) (&& (>= net46) (>= xamarintvos)) (&& (>= net46) (>= xamarinwatchos)) (>= net461)
    System.Collections.Immutable (5.0) - restriction: || (&& (>= net40) (>= netstandard2.0)) (>= net45)
      NETStandard.Library (>= 1.6.1) - restriction: || (&& (>= net40) (< net45) (>= netstandard1.0) (< netstandard1.3)) (&& (>= net40) (< net45) (>= netstandard1.3) (< netstandard2.0)) (&& (>= net46) (< net461) (< netstandard2.0))
      System.Memory (>= 4.5.4) - restriction: || (&& (>= net40) (< net45) (>= netstandard1.3) (< netstandard2.0)) (&& (>= net40) (< net45) (>= netstandard2.0)) (&& (>= net46) (< netstandard2.0)) (>= net461)
    System.Console (4.3.1) - restriction: || (&& (>= net40) (< net45) (< netstandard1.3) (>= netstandard2.0)) (&& (>= net40) (< netstandard1.3) (>= netstandard2.0) (>= uap10.0)) (&& (< net45) (>= net46) (< netstandard1.3) (>= netstandard2.0)) (&& (< net45) (>= net46) (>= netstandard1.4) (< netstandard1.5)) (&& (< net45) (>= net46) (>= netstandard1.5) (< netstandard1.6)) (&& (< net45) (>= net46) (>= netstandard1.6) (< netstandard2.0)) (&& (>= net46) (< netstandard1.4)) (&& (>= net46) (>= uap10.0))
    System.Globalization.Calendars (4.3) - restriction: || (&& (>= net40) (< net45) (< netstandard1.3) (>= netstandard2.0)) (&& (>= net40) (< netstandard1.3) (>= netstandard2.0) (>= uap10.0)) (&& (< net45) (>= net46) (< netstandard1.3) (>= netstandard2.0)) (&& (< net45) (>= net46) (>= netstandard1.4) (< netstandard1.5)) (&& (< net45) (>= net46) (>= netstandard1.5) (< netstandard1.6)) (&& (< net45) (>= net46) (>= netstandard1.6) (< netstandard2.0)) (&& (>= net46) (< netstandard1.4)) (&& (>= net46) (>= uap10.0))
    System.IO.Compression (4.3) - restriction: || (&& (>= net40) (< net45) (< netstandard1.2) (>= netstandard2.0)) (&& (>= net40) (< net45) (< netstandard1.3) (>= netstandard2.0)) (&& (>= net40) (< netstandard1.3) (>= netstandard2.0) (>= uap10.0)) (&& (< net45) (>= net46) (< netstandard1.2)) (&& (< net45) (>= net46) (< netstandard1.3)) (&& (< net45) (>= net46) (>= netstandard1.4) (< netstandard1.5)) (&& (< net45) (>= net46) (>= netstandard1.5) (< netstandard1.6)) (&& (< net45) (>= net46) (>= netstandard1.6) (< netstandard2.0)) (&& (>= net46) (< netstandard1.4)) (&& (>= net46) (>= uap10.0))
    System.IO.Compression.ZipFile (4.3) - restriction: || (&& (>= net40) (< net45) (< netstandard1.3) (>= netstandard2.0)) (&& (>= net40) (< netstandard1.3) (>= netstandard2.0) (>= uap10.0)) (&& (< net45) (>= net46) (< netstandard1.3) (>= netstandard2.0)) (&& (< net45) (>= net46) (>= netstandard1.4) (< netstandard1.5)) (&& (< net45) (>= net46) (>= netstandard1.5) (< netstandard1.6)) (&& (< net45) (>= net46) (>= netstandard1.6) (< netstandard2.0)) (&& (>= net46) (< netstandard1.4)) (&& (>= net46) (>= uap10.0))
    System.IO.FileSystem (4.3) - restriction: || (&& (>= net40) (< net45) (< netstandard1.3) (>= netstandard2.0)) (&& (>= net40) (< netstandard1.3) (>= netstandard2.0) (>= uap10.0)) (&& (< net45) (>= net46) (< netstandard1.3) (>= netstandard2.0)) (&& (< net45) (>= net46) (>= netstandard1.4) (< netstandard1.5)) (&& (< net45) (>= net46) (>= netstandard1.5) (< netstandard1.6)) (&& (< net45) (>= net46) (>= netstandard1.6) (< netstandard2.0)) (&& (>= net46) (< netstandard1.4)) (&& (>= net46) (>= uap10.0))
      System.IO.FileSystem.Primitives (>= 4.3) - restriction: || (&& (>= net40) (>= netstandard1.3)) (>= net46)
    System.IO.FileSystem.Primitives (4.3) - restriction: || (&& (>= net40) (< net45) (< netstandard1.3) (>= netstandard2.0)) (&& (>= net40) (< netstandard1.3) (>= netstandard2.0) (>= uap10.0)) (&& (< net45) (>= net46) (< netstandard1.3) (>= netstandard2.0)) (&& (< net45) (>= net46) (>= netstandard1.4) (< netstandard1.5)) (&& (< net45) (>= net46) (>= netstandard1.5) (< netstandard1.6)) (&& (< net45) (>= net46) (>= netstandard1.6) (< netstandard2.0)) (&& (>= net46) (< netstandard1.4)) (&& (>= net46) (>= uap10.0))
    System.Memory (4.5.4) - restriction: || (&& (>= net40) (< net45) (>= netstandard2.0)) (&& (>= net46) (< netstandard2.0)) (>= net461)
      System.Buffers (>= 4.5.1) - restriction: || (&& (>= monoandroid) (>= net40)) (&& (>= monotouch) (>= net40)) (&& (>= net40) (< net45) (>= netstandard1.1) (< netstandard2.0)) (&& (>= net40) (< net45) (>= netstandard2.0)) (&& (>= net40) (< netstandard1.1) (>= portable-net45+win8+wpa81)) (&& (>= net40) (< netstandard1.1) (>= win8)) (&& (>= net40) (>= wpa81)) (&& (>= net40) (>= xamarinios)) (&& (>= net40) (>= xamarinmac)) (&& (>= net40) (>= xamarintvos)) (&& (>= net40) (>= xamarinwatchos)) (&& (>= net45) (< netstandard2.0)) (>= net461)
      System.Numerics.Vectors (>= 4.5) - restriction: >= net461
      System.Runtime.CompilerServices.Unsafe (>= 4.5.3) - restriction: || (&& (>= monoandroid) (>= net40)) (&& (>= monotouch) (>= net40)) (&& (>= net40) (< net45) (>= netstandard1.1) (< netstandard2.0)) (&& (>= net40) (< net45) (>= netstandard2.0)) (&& (>= net40) (>= netcoreapp2.0)) (&& (>= net40) (< netstandard1.1) (>= portable-net45+win8+wpa81)) (&& (>= net40) (< netstandard1.1) (>= win8)) (&& (>= net40) (>= wpa81)) (&& (>= net40) (>= xamarinios)) (&& (>= net40) (>= xamarinmac)) (&& (>= net40) (>= xamarintvos)) (&& (>= net40) (>= xamarinwatchos)) (&& (>= net45) (< netstandard2.0)) (>= net461)
    System.Net.Http (4.3.4) - restriction: || (&& (>= net40) (< net45) (< netstandard1.2) (>= netstandard2.0)) (&& (>= net40) (< net45) (< netstandard1.3) (>= netstandard2.0)) (&& (>= net40) (< netstandard1.3) (>= netstandard2.0) (>= uap10.0)) (&& (< net45) (>= net46) (< netstandard1.2)) (&& (< net45) (>= net46) (< netstandard1.3)) (&& (< net45) (>= net46) (>= netstandard1.4) (< netstandard1.5)) (&& (< net45) (>= net46) (>= netstandard1.5) (< netstandard1.6)) (&& (< net45) (>= net46) (>= netstandard1.6) (< netstandard2.0)) (&& (>= net46) (< netstandard1.4)) (&& (>= net46) (>= uap10.0))
      System.Security.Cryptography.X509Certificates (>= 4.3) - restriction: || (&& (>= net40) (< net45) (>= netstandard1.3) (< netstandard1.6)) (&& (>= net40) (< net45) (>= netstandard1.6)) (&& (>= net40) (< portable-net45+win8+wpa81)) (>= net46)
    System.Net.Sockets (4.3) - restriction: || (&& (>= net40) (< net45) (< netstandard1.3) (>= netstandard2.0)) (&& (>= net40) (< netstandard1.3) (>= netstandard2.0) (>= uap10.0)) (&& (< net45) (>= net46) (< netstandard1.3) (>= netstandard2.0)) (&& (< net45) (>= net46) (>= netstandard1.4) (< netstandard1.5)) (&& (< net45) (>= net46) (>= netstandard1.5) (< netstandard1.6)) (&& (< net45) (>= net46) (>= netstandard1.6) (< netstandard2.0)) (&& (>= net46) (< netstandard1.4)) (&& (>= net46) (>= uap10.0))
    System.Numerics.Vectors (4.5) - restriction: >= net461
    System.Reflection.Metadata (5.0) - restriction: || (&& (>= net40) (>= netstandard2.0)) (>= net45)
      System.Collections.Immutable (>= 5.0) - restriction: || (&& (>= net40) (< net45) (>= netstandard1.1) (< netstandard2.0)) (&& (>= net40) (< net45) (>= netstandard2.0)) (&& (>= net40) (< netstandard1.1) (>= portable-net45+win8+wpa81)) (&& (>= net40) (< netstandard1.1) (>= win8)) (&& (>= net40) (>= wpa81)) (&& (>= net45) (< netstandard2.0)) (>= net461)
    System.Runtime.CompilerServices.Unsafe (5.0) - restriction: || (&& (>= monoandroid) (>= net40) (>= netstandard2.0)) (&& (>= monoandroid) (>= net46)) (&& (>= monotouch) (>= net40) (>= netstandard2.0)) (&& (>= monotouch) (>= net46)) (&& (>= net40) (< net45) (>= netstandard2.0)) (&& (>= net40) (>= netcoreapp2.0)) (&& (>= net40) (< netstandard1.1) (>= netstandard2.0)) (&& (>= net40) (>= netstandard2.0) (>= wpa81)) (&& (>= net40) (>= netstandard2.0) (>= xamarinios)) (&& (>= net40) (>= netstandard2.0) (>= xamarinmac)) (&& (>= net40) (>= netstandard2.0) (>= xamarintvos)) (&& (>= net40) (>= netstandard2.0) (>= xamarinwatchos)) (&& (>= net46) (< netstandard1.1)) (&& (>= net46) (< netstandard2.0)) (&& (>= net46) (>= wpa81)) (&& (>= net46) (>= xamarinios)) (&& (>= net46) (>= xamarinmac)) (&& (>= net46) (>= xamarintvos)) (&& (>= net46) (>= xamarinwatchos)) (>= net461)
    System.Runtime.InteropServices.RuntimeInformation (4.3) - restriction: || (&& (>= net40) (< net45) (< netstandard1.2) (>= netstandard2.0)) (&& (>= net40) (< net45) (< netstandard1.3) (>= netstandard2.0)) (&& (>= net40) (< netstandard1.0) (>= netstandard2.0)) (&& (>= net40) (< netstandard1.3) (>= netstandard2.0) (>= uap10.0)) (&& (>= net40) (< netstandard1.3) (>= netstandard2.0) (>= wpa81)) (&& (< net45) (>= net46) (< netstandard1.2)) (&& (< net45) (>= net46) (>= netstandard1.4) (< netstandard1.5)) (&& (< net45) (>= net46) (>= netstandard1.5) (< netstandard1.6)) (&& (< net45) (>= net46) (>= netstandard1.6) (< netstandard2.0)) (&& (>= net46) (< netstandard1.0)) (&& (>= net46) (< netstandard1.3)) (&& (>= net46) (< netstandard1.4)) (&& (>= net46) (>= uap10.0))
    System.Security.Cryptography.Algorithms (4.3.1) - restriction: || (&& (>= net40) (< net45) (< netstandard1.3) (>= netstandard2.0)) (&& (>= net40) (< netstandard1.3) (>= netstandard2.0) (>= uap10.0)) (&& (< net45) (>= net46) (< netstandard1.3) (>= netstandard2.0)) (&& (< net45) (>= net46) (>= netstandard1.4) (< netstandard1.5)) (&& (< net45) (>= net46) (>= netstandard1.5) (< netstandard1.6)) (&& (< net45) (>= net46) (>= netstandard1.6) (< netstandard2.0)) (&& (>= net46) (< netstandard1.4)) (&& (>= net46) (>= uap10.0))
      System.Security.Cryptography.Primitives (>= 4.3)
    System.Security.Cryptography.Encoding (4.3) - restriction: || (&& (>= net40) (< net45) (< netstandard1.3) (>= netstandard2.0)) (&& (>= net40) (< netstandard1.3) (>= netstandard2.0) (>= uap10.0)) (&& (< net45) (>= net46) (< netstandard1.3) (>= netstandard2.0)) (&& (< net45) (>= net46) (>= netstandard1.4) (< netstandard1.5)) (&& (< net45) (>= net46) (>= netstandard1.5) (< netstandard1.6)) (&& (< net45) (>= net46) (>= netstandard1.6) (< netstandard2.0)) (&& (>= net46) (< netstandard1.4)) (&& (>= net46) (>= uap10.0))
    System.Security.Cryptography.Primitives (4.3) - restriction: || (&& (>= net40) (< net45) (< netstandard1.3) (>= netstandard2.0)) (&& (>= net40) (< netstandard1.3) (>= netstandard2.0) (>= uap10.0)) (&& (< net45) (>= net46) (>= netstandard1.4) (< netstandard1.5)) (&& (< net45) (>= net46) (>= netstandard1.5) (< netstandard1.6)) (&& (< net45) (>= net46) (< netstandard1.5) (>= netstandard1.6)) (&& (< net45) (>= net46) (>= netstandard1.6) (< netstandard2.0)) (&& (< net45) (>= net461) (< netstandard1.3) (>= netstandard2.0)) (&& (< net45) (>= net461) (>= netstandard1.5) (< netstandard1.6)) (&& (< net45) (>= net461) (< netstandard1.5)) (&& (< net45) (>= net463) (< netstandard1.3) (>= netstandard2.0)) (&& (< net45) (>= net463) (< netstandard1.5)) (&& (< net45) (>= net463) (>= netstandard1.6) (< netstandard2.0)) (&& (< net45) (>= net463) (< netstandard1.6)) (&& (>= net46) (< netstandard1.3)) (&& (>= net46) (< netstandard1.4)) (&& (>= net46) (>= uap10.0)) (&& (>= net461) (< netstandard1.4)) (&& (>= net461) (>= uap10.0)) (&& (>= net463) (< netstandard1.4)) (&& (>= net463) (>= uap10.0))
    System.Security.Cryptography.X509Certificates (4.3.2) - restriction: || (&& (>= net40) (< net45) (< netstandard1.2) (>= netstandard2.0)) (&& (>= net40) (< net45) (< netstandard1.3) (>= netstandard2.0)) (&& (>= net40) (< netstandard1.3) (>= netstandard2.0) (>= uap10.0)) (&& (>= net40) (>= netstandard2.0) (< portable-net45+win8+wpa81)) (&& (< net45) (>= net46) (< netstandard1.2)) (&& (< net45) (>= net46) (< netstandard1.3)) (&& (< net45) (>= net46) (>= netstandard1.4) (< netstandard1.5)) (&& (< net45) (>= net46) (>= netstandard1.5) (< netstandard1.6)) (&& (< net45) (>= net46) (< netstandard1.5) (>= netstandard1.6)) (&& (< net45) (>= net46) (>= netstandard1.6) (< netstandard2.0)) (&& (>= net46) (< netstandard1.4)) (&& (>= net46) (< portable-net45+win8+wpa81)) (&& (>= net46) (>= uap10.0))
      System.Security.Cryptography.Algorithms (>= 4.3)
      System.Security.Cryptography.Encoding (>= 4.3)
    System.Spatial (5.8.4)
    System.ValueTuple (4.5)
    System.Xml.ReaderWriter (4.3.1) - restriction: || (&& (>= net40) (< net45) (< netstandard1.2) (>= netstandard2.0)) (&& (>= net40) (< net45) (< netstandard1.3) (>= netstandard2.0)) (&& (>= net40) (< netstandard1.3) (>= netstandard2.0) (>= uap10.0)) (&& (>= net40) (>= netstandard2.0) (< portable-net45+win8+wpa81)) (&& (< net45) (>= net46) (< netstandard1.2)) (&& (< net45) (>= net46) (< netstandard1.3)) (&& (< net45) (>= net46) (>= netstandard1.4) (< netstandard1.5)) (&& (< net45) (>= net46) (>= netstandard1.5) (< netstandard1.6)) (&& (< net45) (>= net46) (>= netstandard1.6) (< netstandard2.0)) (&& (>= net46) (< netstandard1.4)) (&& (>= net46) (< portable-net45+win8+wpa81)) (&& (>= net46) (>= uap10.0))
    WindowsAzure.Storage (7.2)
      Microsoft.Azure.KeyVault.Core (>= 1.0)
      Microsoft.Data.OData (>= 5.6.4)
      Microsoft.Data.Services.Client (>= 5.6.4)
      Newtonsoft.Json (>= 6.0.8)
